GIT
  remote: git://github.com/karabijavad/cadet.git
  revision: c2d9aed0c4eb4d0afc793ad7fb7fddc3c3682ec2
  specs:
    cadet (0.0.7-java)

GEM
  specs:

PLATFORMS
  java

DEPENDENCIES
  cadet!
