GIT
  remote: git://github.com/karabijavad/cadet.git
  revision: c83b3436a8ace14e750dec96e7189ab2dff7b246
  specs:
    cadet (0.0.7-java)

GEM
  specs:

PLATFORMS
  java

DEPENDENCIES
  cadet!
